PATH
  remote: .
  specs:
    deep-freeze (1.0.1)

GEM
  remote: https://rubygems.org/
  specs:
    power_assert (1.1.3)
    rake (12.3.1)
    test-unit (3.2.8)
      power_assert

PLATFORMS
  ruby

DEPENDENCIES
  bundler (~> 1.7)
  deep-freeze!
  rake (~> 12.3)
  test-unit (~> 3.2)

BUNDLED WITH
   1.16.5
